PATH
  remote: .
  specs:
    3scale_toolbox (0.19.2)
      3scale-api (~> 1.4)
      cri (~> 2.15)
      json-schema (~> 2.8)
      oas_parser (~> 0.20)

GEM
  remote: https://rubygems.org/
  specs:
    3scale-api (1.4.0)
    activesupport (6.1.4.1)
      concurrent-ruby (~> 1.0, >= 1.0.2)
      i18n (>= 1.6, < 2)
      minitest (>= 5.1)
      tzinfo (~> 2.0)
      zeitwerk (~> 2.3)
    addressable (2.8.0)
      public_suffix (>= 2.0.2, < 5.0)
    builder (3.2.4)
    codecov (0.5.2)
      simplecov (>= 0.15, < 0.22)
    coderay (1.1.3)
    concurrent-ruby (1.1.9)
    crack (0.4.5)
      rexml
    cri (2.15.11)
    deep_merge (1.2.1)
    diff-lcs (1.4.4)
    docile (1.4.0)
    dotenv (2.7.6)
    hansi (0.2.0)
    hash-deep-merge (0.1.1)
    hashdiff (1.0.1)
    i18n (1.8.10)
      concurrent-ruby (~> 1.0)
    json-schema (2.8.1)
      addressable (>= 2.4)
    license_finder (5.11.1)
      bundler
      rubyzip (>= 1, < 3)
      thor
      toml (= 0.2.0)
      with_env (= 1.1.0)
      xml-simple
    method_source (1.0.0)
    mini_portile2 (2.6.1)
    minitest (5.14.4)
    mustermann (1.1.1)
      ruby2_keywords (~> 0.0.1)
    mustermann-contrib (1.1.1)
      hansi (~> 0.2.0)
      mustermann (= 1.1.1)
    nokogiri (1.12.5)
      mini_portile2 (~> 2.6.1)
      racc (~> 1.4)
    nokogiri (1.12.5-x86_64-linux)
      racc (~> 1.4)
    oas_parser (0.25.4)
      activesupport (>= 4.0.0)
      addressable (~> 2.3)
      builder (~> 3.2.3)
      deep_merge (~> 1.2.1)
      hash-deep-merge
      mustermann-contrib (~> 1.1.1)
      nokogiri
    parslet (1.8.2)
    pry (0.14.1)
      coderay (~> 1.1)
      method_source (~> 1.0)
    public_suffix (4.0.6)
    racc (1.5.2)
    rake (13.0.3)
    rexml (3.2.5)
    rspec (3.10.0)
      rspec-core (~> 3.10.0)
      rspec-expectations (~> 3.10.0)
      rspec-mocks (~> 3.10.0)
    rspec-core (3.10.1)
      rspec-support (~> 3.10.0)
    rspec-expectations (3.10.1)
      diff-lcs (>= 1.2.0, < 2.0)
      rspec-support (~> 3.10.0)
    rspec-mocks (3.10.2)
      diff-lcs (>= 1.2.0, < 2.0)
      rspec-support (~> 3.10.0)
    rspec-support (3.10.2)
    ruby2_keywords (0.0.5)
    rubyzip (2.3.0)
    simplecov (0.21.2)
      docile (~> 1.1)
      simplecov-html (~> 0.11)
      simplecov_json_formatter (~> 0.1)
    simplecov-html (0.12.3)
    simplecov_json_formatter (0.1.3)
    thor (1.0.1)
    toml (0.2.0)
      parslet (~> 1.8.0)
    tzinfo (2.0.4)
      concurrent-ruby (~> 1.0)
    webmock (3.13.0)
      addressable (>= 2.3.6)
      crack (>= 0.3.2)
      hashdiff (>= 0.4.0, < 2.0.0)
    with_env (1.1.0)
    xml-simple (1.1.8)
    zeitwerk (2.4.2)

PLATFORMS
  powerpc64le-linux
  s390x-linux
  x86_64-linux

DEPENDENCIES
  3scale_toolbox!
  bundler
  codecov
  dotenv
  license_finder (~> 5.11)
  pry
  rake (~> 13.0)
  rspec (~> 3.8)
  rubyzip (>= 1.3.0)
  thor (= 1.0.1)
  webmock (~> 3.4)

BUNDLED WITH
   2.2.21
