PATH
  remote: .
  specs:
    3scale_toolbox (0.4.0)
      3scale-api (~> 0.1)
      cri (~> 2.10)

GEM
  remote: https://rubygems.org/
  specs:
    3scale-api (0.1.5)
    coderay (1.1.2)
    colored (1.2)
    cri (2.15.1)
      colored (~> 1.2)
    diff-lcs (1.3)
    method_source (0.9.0)
    pry (0.11.3)
      coderay (~> 1.1.0)
      method_source (~> 0.9.0)
    rake (10.5.0)
    rspec (3.8.0)
      rspec-core (~> 3.8.0)
      rspec-expectations (~> 3.8.0)
      rspec-mocks (~> 3.8.0)
    rspec-core (3.8.0)
      rspec-support (~> 3.8.0)
    rspec-expectations (3.8.2)
      diff-lcs (>= 1.2.0, < 2.0)
      rspec-support (~> 3.8.0)
    rspec-mocks (3.8.0)
      diff-lcs (>= 1.2.0, < 2.0)
      rspec-support (~> 3.8.0)
    rspec-support (3.8.0)

PLATFORMS
  ruby

DEPENDENCIES
  3scale_toolbox!
  bundler (~> 1.11)
  pry
  rake (~> 10.0)
  rspec (~> 3.7)

BUNDLED WITH
   1.13.7
